PATH
  remote: .
  specs:
    revision_zero (1.0.0)
      RedCloth (~> 4.2.7)
      albino (~> 1.2.3)
      sinatra (~> 1.1.2)
      wlang (~> 0.10.2)

GEM
  remote: http://rubygems.org/
  specs:
    RedCloth (4.2.7)
    albino (1.2.3)
    bluecloth (2.0.11)
    diff-lcs (1.1.2)
    rack (1.2.1)
    rack-test (0.5.7)
      rack (>= 1.0)
    rake (0.8.7)
    rspec (2.4.0)
      rspec-core (~> 2.4.0)
      rspec-expectations (~> 2.4.0)
      rspec-mocks (~> 2.4.0)
    rspec-core (2.4.0)
    rspec-expectations (2.4.0)
      diff-lcs (~> 1.1.2)
    rspec-mocks (2.4.0)
    sinatra (1.1.2)
      rack (~> 1.1)
      tilt (~> 1.2)
    tilt (1.2.2)
    wlang (0.10.2)
    yard (0.6.4)

PLATFORMS
  ruby

DEPENDENCIES
  albino (~> 1.2.3)
  bluecloth (~> 2.0.9)
  bundler (~> 1.0)
  rack-test (~> 0.5.7)
  rake (~> 0.8.7)
  revision_zero!
  rspec (~> 2.4.0)
  sinatra (~> 1.1.2)
  wlang (~> 0.10.2)
  yard (~> 0.6.4)
