PATH
  remote: .
  specs:
    revision_zero (1.0.0)
      RedCloth (~> 4.2.7)
      albino (~> 1.2.3)
      mail (~> 2.2.15)
      sinatra (~> 1.1.2)
      wlang (~> 0.10.2)

GEM
  remote: http://rubygems.org/
  specs:
    RedCloth (4.2.7)
    activesupport (3.0.9)
    albino (1.2.3)
    bluecloth (2.0.11)
    i18n (0.6.0)
    mail (2.2.19)
      activesupport (>= 2.3.6)
      i18n (>= 0.4.0)
      mime-types (~> 1.16)
      treetop (~> 1.4.8)
    mime-types (1.16)
    polyglot (0.3.1)
    rack (1.3.0)
    rack-test (0.5.7)
      rack (>= 1.0)
    rake (0.9.2)
    sinatra (1.1.4)
      rack (~> 1.1)
      tilt (>= 1.2.2, < 2.0)
    tilt (1.3.2)
    treetop (1.4.9)
      polyglot (>= 0.3.1)
    wlang (0.10.2)
    yard (0.6.8)

PLATFORMS
  ruby

DEPENDENCIES
  RedCloth (~> 4.2.7)
  albino (~> 1.2.3)
  bluecloth (~> 2.0.9)
  bundler (~> 1.0)
  mail (~> 2.2.15)
  rack-test (~> 0.5.7)
  rake (~> 0.9.2)
  revision_zero!
  sinatra (~> 1.1.2)
  wlang (~> 0.10.2)
  yard (~> 0.6.4)
